GIT
  remote: https://github.com/pengwynn/guard-sass
  revision: 6bcf5f4de45d1b994468ad51cec68298ed3d9c5e
  specs:
    guard-sass (0.0.5)
      guard (>= 0.2.1)
      sass (~> 3.1.0)

GEM
  remote: http://rubygems.org/
  specs:
    CFPropertyList (2.0.16)
      libxml-ruby (>= 1.1.0)
      rake (>= 0.7.0)
    addressable (2.2.5)
    betabuilder (0.1.2)
      CFPropertyList (~> 2.0.0)
      uuid (~> 2.3.1)
    childprocess (0.1.8)
      ffi (~> 1.0.6)
    coffee-script (2.2.0)
      coffee-script-source
      execjs
    coffee-script-source (1.1.0)
    colored (1.2)
    diff-lcs (1.1.2)
    em-websocket (0.2.1)
      addressable (>= 2.1.1)
      eventmachine (>= 0.12.9)
    erubis (2.7.0)
    eventmachine (0.12.10)
    execjs (0.3.3)
      multi_json (~> 1.0)
    ffi (1.0.7)
      rake (>= 0.8.7)
    git (1.2.5)
    guard (0.3.4)
      thor (~> 0.14.6)
    guard-coffeescript (0.2.0)
      coffee-script (~> 2.2.0)
      guard (~> 0.3.0)
    guard-livereload (0.1.11)
      em-websocket (~> 0.2.0)
      guard (>= 0.2.2)
      json (~> 1.5.1)
    jasmine (1.0.2.0)
      json_pure (>= 1.4.3)
      rack (>= 1.1)
      rspec (>= 1.3.1)
      selenium-webdriver (>= 0.1.3)
    jeweler (1.5.2)
      bundler (~> 1.0.0)
      git (>= 1.2.5)
      rake
    json (1.5.1)
    json_pure (1.5.1)
    libxml-ruby (2.0.5)
    macaddr (1.0.0)
    multi_json (1.0.1)
    mustache (0.99.3)
    rack (1.2.2)
    rake (0.8.7)
    rdiscount (1.6.8)
    rocco (0.6)
      mustache
      rdiscount
    rspec (2.5.0)
      rspec-core (~> 2.5.0)
      rspec-expectations (~> 2.5.0)
      rspec-mocks (~> 2.5.0)
    rspec-core (2.5.2)
    rspec-expectations (2.5.0)
      diff-lcs (~> 1.1.2)
    rspec-mocks (2.5.0)
    rubyzip (0.9.4)
    sass (3.1.1)
    selenium-webdriver (0.2.0)
      childprocess (>= 0.1.7)
      ffi (>= 1.0.7)
      json_pure
      rubyzip
    thor (0.14.6)
    uuid (2.3.2)
      macaddr (~> 1.0)

PLATFORMS
  ruby

DEPENDENCIES
  betabuilder
  bundler (~> 1.0.10)
  coffee-script (~> 2.2.0)
  colored (~> 1.2)
  erubis (~> 2.7.0)
  guard (~> 0.3.4)
  guard-coffeescript (~> 0.2.0)
  guard-livereload (~> 0.1.10)
  guard-sass!
  jasmine (~> 1.0.2.0)
  jeweler (~> 1.5.2)
  rake (~> 0.8.7)
  rocco (~> 0.6)
  rspec (~> 2.5.0)
  sass (~> 3.1.1)
