PATH
  remote: .
  specs:
    ti (0.0.6)
      coffee-script (~> 2.2.0)
      colored (~> 1.2)
      guard (~> 0.3.4)
      guard-coffeescript (~> 0.2.0)
      guard-livereload (~> 0.1.10)
      guard-sass
      jasmine (~> 1.0.2.0)
      nokogiri (~> 1.4.4)
      rake (~> 0.8.7)
      rocco (~> 0.6)
      sass (~> 3.1.1)

GEM
  remote: http://rubygems.org/
  specs:
    addressable (2.2.5)
    childprocess (0.1.8)
      ffi (~> 1.0.6)
    coffee-script (2.2.0)
      coffee-script-source
      execjs
    coffee-script-source (1.0.1)
    colored (1.2)
    diff-lcs (1.1.2)
    em-websocket (0.2.1)
      addressable (>= 2.1.1)
      eventmachine (>= 0.12.9)
    eventmachine (0.12.10)
    execjs (0.3.0)
      multi_json (~> 1.0)
    ffi (1.0.7)
      rake (>= 0.8.7)
    guard (0.3.4)
      thor (~> 0.14.6)
    guard-coffeescript (0.2.0)
      coffee-script (~> 2.2.0)
      guard (~> 0.3.0)
    guard-livereload (0.1.10)
      em-websocket (~> 0.2.0)
      guard (>= 0.2.2)
      json (~> 1.5.1)
    guard-sass (0.0.6)
      guard (>= 0.2.1)
      haml (~> 3.0.0)
    haml (3.0.25)
    jasmine (1.0.2.0)
      json_pure (>= 1.4.3)
      rack (>= 1.1)
      rspec (>= 1.3.1)
      selenium-webdriver (>= 0.1.3)
    json (1.5.1)
    json_pure (1.5.1)
    multi_json (1.0.0)
    mustache (0.99.3)
    nokogiri (1.4.4)
    rack (1.2.2)
    rake (0.8.7)
    rdiscount (1.6.8)
    rocco (0.6)
      mustache
      rdiscount
    rspec (2.5.0)
      rspec-core (~> 2.5.0)
      rspec-expectations (~> 2.5.0)
      rspec-mocks (~> 2.5.0)
    rspec-core (2.5.1)
    rspec-expectations (2.5.0)
      diff-lcs (~> 1.1.2)
    rspec-mocks (2.5.0)
    rubyzip (0.9.4)
    sass (3.1.1)
    selenium-webdriver (0.2.0)
      childprocess (>= 0.1.7)
      ffi (>= 1.0.7)
      json_pure
      rubyzip
    thor (0.14.6)

PLATFORMS
  ruby

DEPENDENCIES
  bundler (~> 1.0.10)
  rspec (~> 2.5.0)
  ti!
